GEM
  remote: http://rubygems.org/
  specs:
    guard (0.6.2)
      thor (~> 0.14.6)
    guard-shell (0.1.1)
      guard (>= 0.2.0)
    rb-fsevent (0.4.3.1)
    thor (0.14.6)

PLATFORMS
  ruby

DEPENDENCIES
  guard
  guard-shell
  rb-fsevent
